GEM
  remote: https://rubygems.org/
  specs:
    diff-lcs (1.2.5)
    docker-api (1.31.0)
      excon (>= 0.38.0)
      json
    excon (0.51.0)
    json (2.0.2)
    multi_json (1.12.1)
    net-scp (1.2.1)
      net-ssh (>= 2.6.5)
    net-ssh (3.2.0)
    net-telnet (0.1.1)
    rake (10.4.2)
    rspec (3.5.0)
      rspec-core (~> 3.5.0)
      rspec-expectations (~> 3.5.0)
      rspec-mocks (~> 3.5.0)
    rspec-core (3.5.2)
      rspec-support (~> 3.5.0)
    rspec-expectations (3.5.0)
      diff-lcs (>= 1.2.0, < 2.0)
      rspec-support (~> 3.5.0)
    rspec-its (1.2.0)
      rspec-core (>= 3.0.0)
      rspec-expectations (>= 3.0.0)
    rspec-mocks (3.5.0)
      diff-lcs (>= 1.2.0, < 2.0)
      rspec-support (~> 3.5.0)
    rspec-support (3.5.0)
    serverspec (2.36.0)
      multi_json
      rspec (~> 3.0)
      rspec-its
      specinfra (~> 2.53)
    sfl (2.2)
    should_not (1.1.0)
    specinfra (2.61.1)
      net-scp
      net-ssh (>= 2.7, < 4.0)
      net-telnet
      sfl

PLATFORMS
  ruby

DEPENDENCIES
  docker-api (~> 1.31)
  json (~> 2.0.0)
  rake (~> 10.4.2)
  serverspec (~> 2.19)
  should_not (~> 1.1)
