GEM
  remote: https://rubygems.org/
  specs:
    diff-lcs (1.5.0)
    docker-api (2.2.0)
      excon (>= 0.47.0)
      multi_json
    excon (0.94.0)
    json (2.6.2)
    multi_json (1.15.0)
    net-scp (4.0.0)
      net-ssh (>= 2.6.5, < 8.0.0)
    net-ssh (7.0.1)
    net-telnet (0.1.1)
    rake (13.0.6)
    rspec (3.12.0)
      rspec-core (~> 3.12.0)
      rspec-expectations (~> 3.12.0)
      rspec-mocks (~> 3.12.0)
    rspec-core (3.12.0)
      rspec-support (~> 3.12.0)
    rspec-expectations (3.12.0)
      diff-lcs (>= 1.2.0, < 2.0)
      rspec-support (~> 3.12.0)
    rspec-its (1.3.0)
      rspec-core (>= 3.0.0)
      rspec-expectations (>= 3.0.0)
    rspec-mocks (3.12.0)
      diff-lcs (>= 1.2.0, < 2.0)
      rspec-support (~> 3.12.0)
    rspec-support (3.12.0)
    serverspec (2.42.0)
      multi_json
      rspec (~> 3.0)
      rspec-its
      specinfra (~> 2.72)
    sfl (2.3)
    should_not (1.1.0)
    specinfra (2.83.4)
      net-scp
      net-ssh (>= 2.7)
      net-telnet (= 0.1.1)
      sfl

PLATFORMS
  ruby

DEPENDENCIES
  docker-api (~> 2.2)
  json (~> 2.6)
  rake (>= 13.0)
  serverspec (~> 2.42)
  should_not (~> 1.1)

BUNDLED WITH
   2.3.26
